GEM
  remote: https://rubygems.org/
  specs:
    aws-sdk (1.8.3)
      json (~> 1.4)
      nokogiri (>= 1.4.4)
      uuidtools (~> 2.1)
    diff-lcs (1.1.3)
    i18n (0.7.0)
    json (1.7.7)
    net-ssh (2.6.5)
    nokogiri (1.5.6)
    rake (10.0.3)
    rspec (2.11.0)
      rspec-core (~> 2.11.0)
      rspec-expectations (~> 2.11.0)
      rspec-mocks (~> 2.11.0)
    rspec-core (2.11.1)
    rspec-expectations (2.11.2)
      diff-lcs (~> 1.1.3)
    rspec-mocks (2.11.2)
    uuidtools (2.1.3)

PLATFORMS
  ruby

DEPENDENCIES
  aws-sdk (< 2.0)
  i18n
  json
  net-ssh
  rake
  rspec

BUNDLED WITH
   1.11.2
